GEM
  remote: http://rubygems.org/
  specs:
    git (1.2.5)
    jeweler (1.6.0)
      bundler (~> 1.0.0)
      git (>= 1.2.5)
      rake
    rake (0.8.7)
    rbhive (0.1.17)
      thrift (>= 0.4.0)
    rcov (0.9.9)
    shoulda (2.11.3)
    thrift (0.6.0)

PLATFORMS
  ruby

DEPENDENCIES
  bundler (~> 1.0.0)
  jeweler (~> 1.6.0)
  rbhive
  rcov
  shoulda
